GIT
  remote: git://github.com/finnlabs/representable.git
  revision: 5f8fbcb1e61720699135c39be3f36a725ca870ad
  specs:
    representable (1.8.1)
      multi_json
      nokogiri
      uber

GIT
  remote: git@github.com:finnlabs/omniauth-openid-connect.git
  revision: 2b6d729c155e607d2d3ddbfa67a3f617d805ce74
  branch: master
  specs:
    omniauth-openid-connect (0.2.0)
      addressable (~> 2.3)
      omniauth (~> 1.1)
      openid_connect (~> 0.8.0)

GIT
  remote: git@github.com:finnlabs/openproject-auth_plugins
  revision: b72bcc6ce36af09ea5ba8a124eed7a9dde54d920
  branch: dev
  specs:
    openproject-auth_plugins (0.1.2)
      omniauth (~> 1.0)
      openproject-plugins (~> 1.0)
      rails (~> 3.2.14)

GIT
  remote: git@github.com:finnlabs/openproject-openid_connect.git
  revision: f40e00d1a85072c29a9855a613310c8087847818
  branch: dev
  specs:
    openproject-openid_connect (0.1.0)
      omniauth (~> 1.0)
      openproject-auth_plugins (~> 0.1)
      openproject-plugins (~> 1.0)
      rails (~> 3.2.14)

GIT
  remote: git@github.com:opf/openproject-plugins.git
  revision: cb6a16cf9fcf6fabd6141b8c651c197bd1e06896
  branch: dev
  specs:
    openproject-plugins (1.0.8)
      rails (~> 3.2.9)

GIT
  remote: https://github.com/Compass/compass-rails
  revision: f97a4f41518204683aeec7037da3d9b8c57ef4cb
  specs:
    compass-rails (2.0.0.pre)
      compass (>= 0.12.2)

GIT
  remote: https://github.com/finnlabs/rack-protection.git
  revision: 5a7d1bd2f05ca75faf7909c8cc978732a0080898
  ref: 5a7d1bd
  specs:
    rack-protection (1.5.2)
      rack

GIT
  remote: https://github.com/finnlabs/rspec-example_disabler.git
  revision: deb9c38e3f4e3688724583ac1ff58e1ae8aba409
  specs:
    rspec-example_disabler (0.0.1)

GIT
  remote: https://github.com/fnando/i18n-js.git
  revision: 4e5c525ff6e1ec4d3449852746fa5651a0577d68
  branch: rewrite
  specs:
    i18n-js (3.0.0.rc5)
      i18n

GIT
  remote: https://github.com/guilleiguaran/sass-rails.git
  revision: 0393d9e1a6e4a776e61f16fb75f97971b9f4abd2
  branch: backport
  specs:
    sass-rails (4.0.1)
      railties (>= 3.2.0, < 5.0)
      sass (>= 3.2.0)
      sprockets-rails (~> 2.0.0.backport1)

GIT
  remote: https://github.com/rails/prototype_legacy_helper.git
  revision: a2cd95c3e3c1a4f7a9566efdab5ce59c886cb05f
  specs:
    prototype_legacy_helper (0.0.0)

GEM
  remote: https://rubygems.org/
  specs:
    actionmailer (3.2.18)
      actionpack (= 3.2.18)
      mail (~> 2.5.4)
    actionpack (3.2.18)
      activemodel (= 3.2.18)
      activesupport (= 3.2.18)
      builder (~> 3.0.0)
      erubis (~> 2.7.0)
      journey (~> 1.0.4)
      rack (~> 1.4.5)
      rack-cache (~> 1.2)
      rack-test (~> 0.6.1)
      sprockets (~> 2.2.1)
    activemodel (3.2.18)
      activesupport (= 3.2.18)
      builder (~> 3.0.0)
    activerecord (3.2.18)
      activemodel (= 3.2.18)
      activesupport (= 3.2.18)
      arel (~> 3.0.2)
      tzinfo (~> 0.3.29)
    activerecord-tableless (1.3.3)
      activerecord (>= 2.3.0)
    activeresource (3.2.18)
      activemodel (= 3.2.18)
      activesupport (= 3.2.18)
    activesupport (3.2.18)
      i18n (~> 0.6, >= 0.6.4)
      multi_json (~> 1.0)
    acts_as_list (0.2.0)
      activerecord (>= 3.0)
    addressable (2.3.4)
    arel (3.0.3)
    attr_required (1.0.0)
    awesome_nested_set (2.1.6)
      activerecord (>= 3.0.0)
    axiom-types (0.1.1)
      descendants_tracker (~> 0.0.4)
      ice_nine (~> 0.11.0)
      thread_safe (~> 0.3, >= 0.3.1)
    bindata (2.1.0)
    binding_of_caller (0.7.2)
      debug_inspector (>= 0.0.1)
    bourbon (4.0.0)
      sass (~> 3.3)
      thor
    bourne (1.4.0)
      mocha (~> 0.13.2)
    builder (3.0.4)
    byebug (2.7.0)
      columnize (~> 0.3)
      debugger-linecache (~> 1.2)
    capybara (2.2.1)
      mime-types (>= 1.16)
      nokogiri (>= 1.3.3)
      rack (>= 1.0.0)
      rack-test (>= 0.5.4)
      xpath (~> 2.0)
    capybara-screenshot (0.3.6)
      capybara (>= 1.0, < 3)
    childprocess (0.3.9)
      ffi (~> 1.0, >= 1.0.11)
    chunky_png (1.3.1)
    climate_control (0.0.3)
      activesupport (>= 3.0)
    cocaine (0.5.4)
      climate_control (>= 0.0.3, < 1.0)
    codeclimate-test-reporter (0.1.1)
      simplecov (>= 0.7.1, < 1.0.0)
    coderay (1.0.9)
    coercible (1.0.0)
      descendants_tracker (~> 0.0.1)
    color-tools (1.3.0)
    columnize (0.8.9)
    compass (1.0.0.alpha.19)
      chunky_png (~> 1.2)
      compass-core (~> 1.0.0.alpha.19)
      compass-import-once (~> 1.0.3)
      json
      listen (~> 1.1.0)
      sass (>= 3.3.0, < 3.5)
    compass-core (1.0.0.alpha.19)
      multi_json (~> 1.0)
      sass (>= 3.3.0, < 3.5)
    compass-import-once (1.0.4)
      sass (>= 3.2, < 3.5)
    cucumber (1.3.8)
      builder (>= 2.1.2)
      diff-lcs (>= 1.1.3)
      gherkin (~> 2.12.1)
      multi_json (>= 1.7.5, < 2.0)
      multi_test (>= 0.0.2)
    cucumber-rails (1.3.1)
      capybara (>= 1.1.2)
      cucumber (>= 1.2.0)
      nokogiri (>= 1.5.0)
      rails (~> 3.0)
    cucumber-rails-training-wheels (1.0.0)
      cucumber-rails (>= 1.1.1)
    daemons (1.1.9)
    dalli (2.6.4)
    database_cleaner (1.0.1)
    date_validator (0.7.0)
      activemodel (>= 3)
    debug_inspector (0.0.2)
    debugger-linecache (1.2.0)
    delayed_job (3.0.5)
      activesupport (~> 3.0)
    delayed_job_active_record (0.3.3)
      activerecord (>= 2.1.0, < 4)
      delayed_job (~> 3.0)
    descendants_tracker (0.0.4)
      thread_safe (~> 0.3, >= 0.3.1)
    diff-lcs (1.2.5)
    disposable (0.0.3)
      representable (~> 1.8.1)
      uber
    equalizer (0.0.9)
    erubis (2.7.0)
    eventmachine (1.0.3)
    execjs (1.4.0)
      multi_json (~> 1.0)
    factory_girl (4.2.0)
      activesupport (>= 3.0.0)
    factory_girl_rails (4.2.1)
      factory_girl (~> 4.2.0)
      railties (>= 3.0.0)
    faker (1.2.0)
      i18n (~> 0.5)
    ffi (1.9.3)
    gherkin (2.12.2)
      multi_json (~> 1.3)
    globalize (3.0.0)
      activemodel (>= 3.0.0)
      activerecord (>= 3.0.0)
      paper_trail (~> 2)
    gon (4.0.0)
      actionpack (>= 2.3.0)
      json
    grape (0.7.0)
      activesupport
      builder
      hashie (>= 1.2.0)
      multi_json (>= 1.3.2)
      multi_xml (>= 0.5.2)
      rack (>= 1.3.0)
      rack-accept
      rack-mount
      virtus (>= 1.0.0)
    hashie (2.1.1)
    hike (1.2.3)
    hooks (0.3.3)
    htmldiff (0.0.1)
    httpclient (2.4.0)
    i18n (0.6.9)
    ice_nine (0.11.0)
    interception (0.3)
    journey (1.0.4)
    json (1.8.1)
    json-jwt (0.6.1)
      activesupport
      bindata
      multi_json (>= 1.3)
      securecompare
      url_safe_base64
    json_spec (1.1.1)
      multi_json (~> 1.0)
      rspec (~> 2.0)
    launchy (2.3.0)
      addressable (~> 2.3)
    letter_opener (1.0.0)
      launchy (>= 2.0.4)
    libv8 (3.11.8.17)
    listen (1.1.6)
      rb-fsevent (>= 0.9.3)
      rb-inotify (>= 0.9)
      rb-kqueue (>= 0.2)
    livingstyleguide (1.0.4)
      compass
      hooks (= 0.3.3)
      minisyntax
      redcarpet (~> 3.0.0)
      sass
      thor
      tilt
    mail (2.5.4)
      mime-types (~> 1.16)
      treetop (~> 1.4.8)
    metaclass (0.0.1)
    method_source (0.8.2)
    mime-types (1.25.1)
    minisyntax (0.2.3)
    mocha (0.13.3)
      metaclass (~> 0.0.1)
    multi_json (1.9.3)
    multi_test (0.0.2)
    multi_xml (0.5.5)
    mysql2 (0.3.11)
    net-ldap (0.2.2)
    nokogiri (1.5.11)
    non-stupid-digest-assets (1.0.4)
    object-daddy (1.1.1)
    oj (2.1.6)
    omniauth (1.2.1)
      hashie (>= 1.2, < 3)
      rack (~> 1.0)
    openid_connect (0.8.0)
      activemodel
      attr_required (>= 0.0.5)
      json (>= 1.4.3)
      json-jwt (>= 0.5.5)
      rack-oauth2 (>= 1.0.0)
      swd (>= 0.1.2)
      tzinfo
      validate_email
      validate_url
      webfinger (>= 0.0.2)
    paper_trail (2.7.2)
      activerecord (~> 3.0)
      railties (~> 3.0)
    pg (0.17.1)
    polyglot (0.3.3)
    prototype-rails (3.2.1)
      rails (~> 3.2)
    pry (0.9.12.6)
      coderay (~> 1.0)
      method_source (~> 0.8)
      slop (~> 3.4)
    pry-byebug (1.3.2)
      byebug (~> 2.7)
      pry (~> 0.9.12)
    pry-doc (0.4.6)
      pry (>= 0.9)
      yard (>= 0.8)
    pry-rails (0.3.2)
      pry (>= 0.9.10)
    pry-rescue (1.1.1)
      interception (>= 0.3)
      pry
    pry-stack_explorer (0.4.9.1)
      binding_of_caller (>= 0.7)
      pry (>= 0.9.11)
    pundit (0.2.3)
      activesupport (>= 3.0.0)
    quiet_assets (1.0.2)
      railties (>= 3.1, < 5.0)
    rabl (0.9.3)
      activesupport (>= 2.3.14)
    rack (1.4.5)
    rack-accept (0.4.5)
      rack (>= 0.4)
    rack-cache (1.2)
      rack (>= 0.4)
    rack-mount (0.8.3)
      rack (>= 1.0.0)
    rack-oauth2 (1.0.8)
      activesupport (>= 2.3)
      attr_required (>= 0.0.5)
      httpclient (>= 2.2.0.2)
      multi_json (>= 1.3.6)
      rack (>= 1.1)
    rack-ssl (1.3.4)
      rack
    rack-test (0.6.2)
      rack (>= 1.0)
    rack_session_access (0.1.1)
      builder (>= 2.0.0)
      rack (>= 1.0.0)
    rails (3.2.18)
      actionmailer (= 3.2.18)
      actionpack (= 3.2.18)
      activerecord (= 3.2.18)
      activeresource (= 3.2.18)
      activesupport (= 3.2.18)
      bundler (~> 1.0)
      railties (= 3.2.18)
    rails-dev-tweaks (0.6.1)
      actionpack (~> 3.1)
      railties (~> 3.1)
    rails_autolink (1.1.0)
      rails (> 3.1)
    railties (3.2.18)
      actionpack (= 3.2.18)
      activesupport (= 3.2.18)
      rack-ssl (~> 1.3.2)
      rake (>= 0.8.7)
      rdoc (~> 3.4)
      thor (>= 0.14.6, < 2.0)
    rake (10.3.1)
    rb-fsevent (0.9.4)
    rb-inotify (0.9.4)
      ffi (>= 0.5.0)
    rb-kqueue (0.2.2)
      ffi (>= 0.5.0)
    rb-readline (0.5.0)
    rdoc (3.12.2)
      json (~> 1.4)
    redcarpet (3.0.0)
    ref (1.0.5)
    reform (1.0.0)
      activemodel
      disposable (~> 0.0.3)
      representable (~> 1.8.1)
      uber (~> 0.0.4)
    request_store (1.0.5)
    roar (0.12.6)
      representable (>= 1.6.0)
    rspec (2.14.1)
      rspec-core (~> 2.14.0)
      rspec-expectations (~> 2.14.0)
      rspec-mocks (~> 2.14.0)
    rspec-core (2.14.8)
    rspec-expectations (2.14.5)
      diff-lcs (>= 1.1.3, < 2.0)
    rspec-mocks (2.14.6)
    rspec-rails (2.14.2)
      actionpack (>= 3.0)
      activemodel (>= 3.0)
      activesupport (>= 3.0)
      railties (>= 3.0)
      rspec-core (~> 2.14.0)
      rspec-expectations (~> 2.14.0)
      rspec-mocks (~> 2.14.0)
    rspec-steps (0.4.1)
      rspec (>= 2.6, < 2.99)
    ruby-prof (0.13.0)
    ruby-progressbar (1.2.0)
    rubytree (0.8.3)
      json (>= 1.7.5)
      structured_warnings (>= 0.1.3)
    rubyzip (1.1.0)
    sass (3.3.7)
    securecompare (1.0.0)
    selenium-webdriver (2.39.0)
      childprocess (>= 0.2.5)
      multi_json (~> 1.0)
      rubyzip
      websocket (~> 1.0.4)
    shoulda (3.5.0)
      shoulda-context (~> 1.0, >= 1.0.1)
      shoulda-matchers (>= 1.4.1, < 3.0)
    shoulda-context (1.1.2)
    shoulda-matchers (2.1.0)
      activesupport (>= 3.0.0)
      bourne (~> 1.3)
    simplecov (0.8.0.pre)
      multi_json
      simplecov-html (~> 0.7.1)
    simplecov-html (0.7.1)
    slop (3.5.0)
    sprockets (2.2.2.backport2)
      hike (~> 1.2)
      multi_json (~> 1.0)
      rack (~> 1.0)
      tilt (~> 1.1, != 1.3.0)
    sprockets-rails (2.0.0.backport1)
      actionpack (>= 3.0)
      activesupport (>= 3.0)
      sprockets (~> 2.2.2.backport2)
    sqlite3 (1.3.7)
    strong_parameters (0.2.1)
      actionpack (~> 3.0)
      activemodel (~> 3.0)
      railties (~> 3.0)
    structured_warnings (0.1.4)
    svg-graph (1.0.5)
    swd (0.2.1)
      activesupport (>= 3)
      attr_required (>= 0.0.5)
      httpclient (>= 2.2.1)
      i18n
      json (>= 1.4.3)
    syck (1.0.1)
    test-unit (2.5.5)
    therubyracer (0.11.4)
      libv8 (~> 3.11.8.12)
      ref
    thin (1.5.1)
      daemons (>= 1.0.9)
      eventmachine (>= 0.12.6)
      rack (>= 1.0.0)
    thor (0.19.1)
    thread_safe (0.3.3)
    tilt (1.4.1)
    timecop (0.6.1)
    treetop (1.4.15)
      polyglot
      polyglot (>= 0.3.1)
    tzinfo (0.3.38)
    uber (0.0.4)
    uglifier (2.1.1)
      execjs (>= 0.3.0)
      multi_json (~> 1.0, >= 1.0.2)
    url_safe_base64 (0.2.2)
    validate_email (0.1.6)
      activemodel (>= 3.0)
      mail (>= 2.2.5)
    validate_url (0.2.2)
      activemodel (>= 3.0.0)
      addressable
    virtus (1.0.2)
      axiom-types (~> 0.1)
      coercible (~> 1.0)
      descendants_tracker (~> 0.0.3)
      equalizer (~> 0.0.9)
    webfinger (1.0.0)
      activesupport
      httpclient (>= 2.2.0.2)
      multi_json
    websocket (1.0.7)
    will_paginate (3.0.5)
    xpath (2.0.0)
      nokogiri (~> 1.3)
    yard (0.8.7.2)

PLATFORMS
  ruby

DEPENDENCIES
  activerecord-jdbcmysql-adapter
  activerecord-jdbcpostgresql-adapter
  activerecord-jdbcsqlite3-adapter
  activerecord-tableless (~> 1.0)
  acts_as_list (~> 0.2.0)
  awesome_nested_set
  bourbon (~> 4.0)
  capybara
  capybara-screenshot
  cocaine
  codeclimate-test-reporter
  coderay (~> 1.0.5)
  color-tools (~> 1.3.0)
  compass (= 1.0.0.alpha.19)
  compass-rails!
  cucumber-rails
  cucumber-rails-training-wheels
  daemons
  dalli
  database_cleaner
  date_validator
  delayed_job_active_record (= 0.3.3)
  factory_girl_rails (~> 4.0)
  faker
  globalize
  gon (~> 4.0)
  grape (~> 0.7.0)
  htmldiff
  i18n (>= 0.6.8)
  i18n-js!
  jruby-openssl
  json_spec
  launchy (~> 2.3.0)
  letter_opener (~> 1.0.0)
  livingstyleguide
  multi_json
  mysql2 (~> 0.3.11)
  net-ldap (~> 0.2.2)
  nokogiri (>= 1.5.11)
  non-stupid-digest-assets
  object-daddy (~> 1.1.0)
  oj
  omniauth
  omniauth-openid-connect!
  openproject-auth_plugins!
  openproject-openid_connect!
  openproject-plugins!
  pg (~> 0.17.1)
  prototype-rails
  prototype_legacy_helper (= 0.0.0)!
  pry
  pry-byebug
  pry-doc
  pry-rails
  pry-rescue
  pry-stack_explorer
  pundit
  quiet_assets
  rabl (= 0.9.3)
  rack-protection!
  rack-test (~> 0.6.2)
  rack_session_access
  rails (~> 3.2.18)
  rails-dev-tweaks (~> 0.6.1)
  rails_autolink
  rb-readline
  rdoc (>= 2.4.2)
  reform
  representable!
  request_store
  roar (~> 0.12.6)
  rspec (~> 2.14)
  rspec-example_disabler!
  rspec-rails (~> 2.14)
  rspec-steps (~> 0.4.0)
  ruby-prof
  ruby-progressbar
  rubytree (~> 0.8.3)
  sass (~> 3.3.6)
  sass-rails!
  selenium-webdriver
  shoulda
  shoulda-matchers
  simplecov (= 0.8.0.pre)
  sprockets (= 2.2.2.backport2)
  sprockets-rails (= 2.0.0.backport1)
  sqlite3
  strong_parameters
  svg-graph
  syck
  test-unit (= 2.5.5)
  therubyracer
  thin
  timecop (~> 0.6.1)
  uglifier (>= 1.0.3)
  will_paginate (~> 3.0)
